PATH
  remote: .
  specs:
    FindBCorps (0.1.0)

GEM
  remote: https://rubygems.org/
  specs:
    coderay (1.1.2)
    colorize (0.8.1)
    graphicsmagick (1.0.6)
      subexec
    marc (1.0.2)
      scrub_rb (>= 1.0.1, < 2)
      unf
    method_source (0.9.2)
    mini_magick (4.9.2)
    mini_portile2 (2.3.0)
    nokogiri (1.8.5)
      mini_portile2 (~> 2.3.0)
    openurl (1.0.0)
      marc
      scrub_rb (~> 1.0)
    pry (0.12.2)
      coderay (~> 1.1.0)
      method_source (~> 0.9.0)
    rake (10.5.0)
    scrub_rb (1.0.1)
    subexec (0.2.3)
    unf (0.1.4)
      unf_ext
    unf_ext (0.0.7.5)

PLATFORMS
  ruby

DEPENDENCIES
  FindBCorps!
  bundler (~> 1.17)
  colorize
  graphicsmagick
  mini_magick
  nokogiri
  openurl
  pry
  rake (~> 10.0)

BUNDLED WITH
   1.17.1
